GEM
  remote: https://rubygems.org/
  specs:
    ansi (1.4.3)
    coderay (1.1.0)
    method_source (0.8.2)
    minitest (4.7.5)
    pry (0.9.12.6)
      coderay (~> 1.0)
      method_source (~> 0.8)
      slop (~> 3.4)
    rake (10.2.0)
    slop (3.5.0)
    turn (0.9.7)
      ansi
      minitest (~> 4)

PLATFORMS
  ruby

DEPENDENCIES
  minitest
  pry
  rake
  turn

BUNDLED WITH
   1.15.1
